GEM
  remote: http://gemcutter.org/
  specs:
    diff-lcs (1.1.2)
    docile (1.1.5)
    gemcutter (0.7.0)
    json (1.8.3)
    rake (0.9.2)
    rspec (2.6.0)
      rspec-core (~> 2.6.0)
      rspec-expectations (~> 2.6.0)
      rspec-mocks (~> 2.6.0)
    rspec-core (2.6.4)
    rspec-expectations (2.6.0)
      diff-lcs (~> 1.1.2)
    rspec-mocks (2.6.0)
    simplecov (0.11.2)
      docile (~> 1.1.0)
      json (~> 1.8)
      simplecov-html (~> 0.10.0)
    simplecov-html (0.10.0)

PLATFORMS
  ruby

DEPENDENCIES
  gemcutter
  rake
  rspec
  simplecov

BUNDLED WITH
   1.12.2
